GEM
  remote: http://rubygems.org/
  specs:
    jruby-rack (1.1.7)
    trinidad (1.3.5)
      jruby-rack (>= 1.1.5)
      trinidad_jars (>= 1.0.2)
    trinidad_jars (1.0.4)

PLATFORMS
  java

DEPENDENCIES
  trinidad
